PATH
  remote: .
  specs:
    html-capture (1.1.3)
      nokogiri
      rake
      robotex
      thor

GEM
  remote: https://rubygems.org/
  specs:
    mini_portile (0.5.2)
    nokogiri (1.6.1)
      mini_portile (~> 0.5.0)
    rake (10.1.1)
    robotex (1.0.0)
    thor (0.18.1)

PLATFORMS
  ruby

DEPENDENCIES
  html-capture!
  rake
